GEM
  remote: https://rubygems.org/
  specs:
    activemodel (4.2.7.1)
      activesupport (= 4.2.7.1)
      builder (~> 3.1)
    activesupport (4.2.7.1)
      i18n (~> 0.7)
      json (~> 1.7, >= 1.7.7)
      minitest (~> 5.1)
      thread_safe (~> 0.3, >= 0.3.4)
      tzinfo (~> 1.1)
    aws-sdk (2.5.11)
      aws-sdk-resources (= 2.5.11)
    aws-sdk-core (2.5.11)
      jmespath (~> 1.0)
    aws-sdk-resources (2.5.11)
      aws-sdk-core (= 2.5.11)
    builder (3.2.2)
    cassandra-driver (2.1.7)
      ione (~> 1.2)
    cequel (1.10.0)
      activemodel (~> 4.0)
      cassandra-driver (~> 2.0)
    descriptive_statistics (2.5.1)
    diff-lcs (1.2.5)
    elasticsearch (1.0.18)
      elasticsearch-api (= 1.0.18)
      elasticsearch-transport (= 1.0.18)
    elasticsearch-api (1.0.18)
      multi_json
    elasticsearch-transport (1.0.18)
      faraday
      multi_json
    escape (0.0.4)
    excon (0.52.0)
    faraday (0.9.2)
      multipart-post (>= 1.2, < 3)
    hiredis (0.6.1)
    hooks (0.4.1)
      uber (~> 0.0.14)
    i18n (0.7.0)
    ione (1.2.3)
    jmespath (1.3.1)
    json (1.8.3)
    kgio (2.10.0)
    mandrill-api (1.0.53)
      excon (>= 0.16.0, < 1.0)
      json (>= 1.7.7, < 2.0)
    minitest (5.9.0)
    mono_logger (1.1.0)
    multi_json (1.12.1)
    multipart-post (2.0.0)
    octocore-cassandra (0.0.6)
      cequel (~> 1.9, >= 1.9.0)
      descriptive_statistics (~> 2.5.1, >= 2.5.0)
      elasticsearch (~> 1.0.17, >= 1.0.17)
      faraday (~> 0.9.2, >= 0.9.2)
      hiredis (~> 0.6.1, >= 0.6.0)
      hooks (~> 0.4.1, >= 0.4.1)
      json (~> 1.8.1, >= 1.8.1)
      mandrill-api (~> 1.0, >= 1.0.53)
      rake (~> 11.1.0, >= 11.1.0)
      redis (~> 3.2.2, >= 3.2.0)
      redis-queue (~> 0.0.4, >= 0.0.4)
      resque (~> 1.26.0, >= 1.26.0)
      resque-scheduler (~> 4.1.0, >= 4.1.0)
      ruby-kafka (~> 0.3.2, >= 0.3.2)
      statsd-ruby (~> 1.3.0, >= 1.3.0)
    rack (1.6.4)
    rack-protection (1.5.3)
      rack
    raindrops (0.17.0)
    rake (11.1.2)
    redis (3.2.2)
    redis-namespace (1.5.2)
      redis (~> 3.0, >= 3.0.4)
    redis-queue (0.0.4)
      hiredis (~> 0.5, >= 0.5.2)
      redis (~> 3.0, >= 3.0.4)
    resque (1.26.0)
      mono_logger (~> 1.0)
      multi_json (~> 1.0)
      redis-namespace (~> 1.3)
      sinatra (>= 0.9.2)
      vegas (~> 0.1.2)
    resque-scheduler (4.1.0)
      mono_logger (~> 1.0)
      redis (~> 3.0)
      resque (~> 1.25)
      rufus-scheduler (~> 3.0)
    rspec (3.5.0)
      rspec-core (~> 3.5.0)
      rspec-expectations (~> 3.5.0)
      rspec-mocks (~> 3.5.0)
    rspec-core (3.5.3)
      rspec-support (~> 3.5.0)
    rspec-expectations (3.5.0)
      diff-lcs (>= 1.2.0, < 2.0)
      rspec-support (~> 3.5.0)
    rspec-mocks (3.5.0)
      diff-lcs (>= 1.2.0, < 2.0)
      rspec-support (~> 3.5.0)
    rspec-support (3.5.0)
    ruby-kafka (0.3.14)
    rufus-scheduler (3.2.2)
    sinatra (1.4.7)
      rack (~> 1.5)
      rack-protection (~> 1.4)
      tilt (>= 1.3, < 3)
    sinatra-content-for (0.1)
      sinatra
    statsd-ruby (1.3.0)
    thread_safe (0.3.5)
    tilt (2.0.5)
    tzinfo (1.2.2)
      thread_safe (~> 0.1)
    uber (0.0.15)
    unicorn (5.1.0)
      kgio (~> 2.6)
      raindrops (~> 0.7)
    vegas (0.1.11)
      rack (>= 1.0.0)

PLATFORMS
  ruby

DEPENDENCIES
  aws-sdk
  escape
  octocore-cassandra (~> 0.0.6, >= 0.0.6)
  rspec
  sinatra
  sinatra-content-for
  unicorn (~> 5.1.0, >= 5.1.0)

BUNDLED WITH
   1.11.2
